GIT
  remote: git@github.com:mimimalizam/bitbucket.git
  revision: 551fae41972babe519dbe47b572e17ad3f576852
  specs:
    bitbucket_rest_api (0.1.5)
      faraday (~> 0.9.0)
      faraday_middleware (~> 0.9.0)
      hashie (>= 2.1.1)
      multi_json (~> 1.3)
      nokogiri (>= 1.5.2)
      simple_oauth

GEM
  remote: https://rubygems.org/
  specs:
    faraday (0.9.2)
      multipart-post (>= 1.2, < 3)
    faraday_middleware (0.9.2)
      faraday (>= 0.7.4, < 0.10)
    hashie (3.6.0)
    haskii (0.2.2)
      require_all
      thor
    mini_portile2 (2.4.0)
    multi_json (1.13.1)
    multipart-post (2.1.1)
    nokogiri (1.10.3)
      mini_portile2 (~> 2.4.0)
    require_all (2.0.0)
    simple_oauth (0.3.1)
    thor (0.20.3)

PLATFORMS
  ruby

DEPENDENCIES
  bitbucket_rest_api!
  haskii

BUNDLED WITH
   2.0.2
